GEM
  remote: https://rubygems.org/
  specs:
    dotenv (2.1.0)
    ethon (0.8.1)
      ffi (>= 1.3.0)
    ffi (1.9.10)
    rgeo (0.5.3)
    rgeo-geojson (0.4.2)
      rgeo (~> 0.5)
    typhoeus (1.0.1)
      ethon (>= 0.8.0)

PLATFORMS
  ruby

DEPENDENCIES
  dotenv
  rgeo
  rgeo-geojson
  typhoeus

BUNDLED WITH
   1.10.6
